GIT
  remote: git://github.com/Altoros/bosh-workspace.git
  revision: 37b74cf48aeb9d87d149403735b74f6c7e1feaf0
  branch: dev
  specs:
    bosh-workspace (0.9.2)
      bosh-template (>= 1.2905.0)
      bosh_cli (>= 1.2905.0)
      bosh_common (>= 1.2905.0)
      hashdiff (~> 0.2.1)
      membrane (~> 1.1.0)
      rugged (~> 0.23.0b3)
      semi_semantic (~> 1.1.0)

GEM
  remote: https://rubygems.org/
  specs:
    CFPropertyList (2.3.2)
    aws-sdk (1.60.2)
      aws-sdk-v1 (= 1.60.2)
    aws-sdk-v1 (1.60.2)
      json (~> 1.4)
      nokogiri (>= 1.4.4)
    blobstore_client (1.3100.0)
      aws-sdk (= 1.60.2)
      bosh_common (~> 1.3100.0)
      fog (~> 1.34.0)
      fog-aws (~> 0.7.6)
      httpclient (= 2.4.0)
      multi_json (~> 1.1)
    bosh-plugin-pipeline (0.2.1)
      bosh-versions (~> 0.1.1)
      bosh_cli (>= 1.3098.0)
      bosh_common (>= 1.3098.0)
      erubis (~> 2.7.0)
      git (~> 1.2.6)
      membrane (~> 1.1.0)
    bosh-share (0.1.0)
      bosh-plugin-pipeline (~> 0.2.1)
      bosh_cli (>= 1.3100.0)
      bosh_common (>= 1.3100.0)
      git (~> 1.2.6)
      membrane (~> 1.1.0)
    bosh-template (1.3100.0)
      semi_semantic (~> 1.1.0)
    bosh-versions (0.1.1)
      bosh_cli (>= 1.3098.0)
      bosh_common (>= 1.3098.0)
      membrane (~> 1.1.0)
      rest-client (~> 1.8.0)
      rubygems_api (~> 1.0.1)
    bosh_cli (1.3100.0)
      blobstore_client (~> 1.3100.0)
      bosh-template (~> 1.3100.0)
      bosh_common (~> 1.3100.0)
      cf-uaa-lib (~> 3.2.1)
      highline (~> 1.6.2)
      httpclient (= 2.4.0)
      json_pure (~> 1.7)
      minitar (~> 0.5.4)
      net-scp (~> 1.1.0)
      net-ssh (= 2.9.2)
      net-ssh-gateway (~> 1.2.0)
      netaddr (~> 1.5.0)
      progressbar (~> 0.9.0)
      sshkey (~> 1.7.0)
      terminal-table (~> 1.4.3)
    bosh_common (1.3100.0)
      logging (~> 1.8.2)
      semi_semantic (~> 1.1.0)
    builder (3.2.2)
    cf-uaa-lib (3.2.4)
      multi_json
    domain_name (0.5.25)
      unf (>= 0.0.5, < 1.0.0)
    erubis (2.7.0)
    excon (0.45.4)
    fission (0.5.0)
      CFPropertyList (~> 2.2)
    fog (1.34.0)
      fog-atmos
      fog-aws (>= 0.6.0)
      fog-brightbox (~> 0.4)
      fog-core (~> 1.32)
      fog-dynect (~> 0.0.2)
      fog-ecloud (~> 0.1)
      fog-google (>= 0.0.2)
      fog-json
      fog-local
      fog-powerdns (>= 0.1.1)
      fog-profitbricks
      fog-radosgw (>= 0.0.2)
      fog-riakcs
      fog-sakuracloud (>= 0.0.4)
      fog-serverlove
      fog-softlayer
      fog-storm_on_demand
      fog-terremark
      fog-vmfusion
      fog-voxel
      fog-xml (~> 0.1.1)
      ipaddress (~> 0.5)
      nokogiri (~> 1.5, >= 1.5.11)
    fog-atmos (0.1.0)
      fog-core
      fog-xml
    fog-aws (0.7.6)
      fog-core (~> 1.27)
      fog-json (~> 1.0)
      fog-xml (~> 0.1)
      ipaddress (~> 0.8)
    fog-brightbox (0.9.0)
      fog-core (~> 1.22)
      fog-json
      inflecto (~> 0.0.2)
    fog-core (1.32.1)
      builder
      excon (~> 0.45)
      formatador (~> 0.2)
      mime-types
      net-scp (~> 1.1)
      net-ssh (>= 2.1.3)
    fog-dynect (0.0.2)
      fog-core
      fog-json
      fog-xml
    fog-ecloud (0.3.0)
      fog-core
      fog-xml
    fog-google (0.1.1)
      fog-core
      fog-json
      fog-xml
    fog-json (1.0.2)
      fog-core (~> 1.0)
      multi_json (~> 1.10)
    fog-local (0.2.1)
      fog-core (~> 1.27)
    fog-powerdns (0.1.1)
      fog-core (~> 1.27)
      fog-json (~> 1.0)
      fog-xml (~> 0.1)
    fog-profitbricks (0.0.5)
      fog-core
      fog-xml
      nokogiri
    fog-radosgw (0.0.4)
      fog-core (>= 1.21.0)
      fog-json
      fog-xml (>= 0.0.1)
    fog-riakcs (0.1.0)
      fog-core
      fog-json
      fog-xml
    fog-sakuracloud (1.3.3)
      fog-core
      fog-json
    fog-serverlove (0.1.2)
      fog-core
      fog-json
    fog-softlayer (0.4.7)
      fog-core
      fog-json
    fog-storm_on_demand (0.1.1)
      fog-core
      fog-json
    fog-terremark (0.1.0)
      fog-core
      fog-xml
    fog-vmfusion (0.1.0)
      fission
      fog-core
    fog-voxel (0.1.0)
      fog-core
      fog-xml
    fog-xml (0.1.2)
      fog-core
      nokogiri (~> 1.5, >= 1.5.11)
    formatador (0.2.5)
    git (1.2.9.1)
    hashdiff (0.2.2)
    highline (1.6.21)
    http-cookie (1.0.2)
      domain_name (~> 0.5)
    httpclient (2.4.0)
    hurley (0.2)
    inflecto (0.0.2)
    ipaddress (0.8.0)
    json (1.8.3)
    json_pure (1.8.2)
    little-plugger (1.1.4)
    logging (1.8.2)
      little-plugger (>= 1.1.3)
      multi_json (>= 1.8.4)
    membrane (1.1.0)
    mime-types (2.6.2)
    mini_portile (0.6.2)
    minitar (0.5.4)
    multi_json (1.11.2)
    net-scp (1.1.2)
      net-ssh (>= 2.6.5)
    net-ssh (2.9.2)
    net-ssh-gateway (1.2.0)
      net-ssh (>= 2.6.5)
    netaddr (1.5.0)
    netrc (0.10.3)
    nokogiri (1.6.6.2)
      mini_portile (~> 0.6.0)
    progressbar (0.9.2)
    rest-client (1.8.0)
      http-cookie (>= 1.0.2, < 2.0)
      mime-types (>= 1.16, < 3.0)
      netrc (~> 0.7)
    rubygems_api (1.0.1)
      hurley (~> 0)
    rugged (0.23.3)
    semi_semantic (1.1.0)
    sshkey (1.7.0)
    terminal-table (1.4.5)
    unf (0.1.4)
      unf_ext
    unf_ext (0.0.7.1)
    yaml-lint (0.0.7)

PLATFORMS
  ruby

DEPENDENCIES
  bosh-share
  bosh-workspace!
  bosh_cli
  yaml-lint

BUNDLED WITH
   1.10.6
