GIT
  remote: git://github.com/Altoros/bosh-workspace.git
  revision: 0b79df6bdcf72ad2c86a5425963fd13a11474420
  branch: dev
  specs:
    bosh-workspace (0.9.4)
      bosh_cli (>= 1.2905.0)
      bosh_common (>= 1.2905.0)
      hashdiff (~> 0.2.1)
      membrane (~> 1.1.0)
      rugged (~> 0.23.0b3)
      semi_semantic (~> 1.1.0)

GEM
  remote: https://rubygems.org/
  specs:
    aws-sdk (1.60.2)
      aws-sdk-v1 (= 1.60.2)
    aws-sdk-v1 (1.60.2)
      json (~> 1.4)
      nokogiri (>= 1.4.4)
    blobstore_client (1.3130.0)
      aws-sdk (= 1.60.2)
      bosh_common (~> 1.3130.0)
      httpclient (= 2.4.0)
      multi_json (~> 1.1)
    bosh-plugin-pipeline (0.2.1)
      bosh-versions (~> 0.1.1)
      bosh_cli (>= 1.3098.0)
      bosh_common (>= 1.3098.0)
      erubis (~> 2.7.0)
      git (~> 1.2.6)
      membrane (~> 1.1.0)
    bosh-share (0.1.0)
      bosh-plugin-pipeline (~> 0.2.1)
      bosh_cli (>= 1.3100.0)
      bosh_common (>= 1.3100.0)
      git (~> 1.2.6)
      membrane (~> 1.1.0)
    bosh-template (1.3130.0)
      semi_semantic (~> 1.1.0)
    bosh-versions (0.1.1)
      bosh_cli (>= 1.3098.0)
      bosh_common (>= 1.3098.0)
      membrane (~> 1.1.0)
      rest-client (~> 1.8.0)
      rubygems_api (~> 1.0.1)
    bosh_cli (1.3130.0)
      blobstore_client (~> 1.3130.0)
      bosh-template (~> 1.3130.0)
      bosh_common (~> 1.3130.0)
      cf-uaa-lib (~> 3.2.1)
      highline (~> 1.6.2)
      httpclient (= 2.4.0)
      json_pure (~> 1.7)
      minitar (~> 0.5.4)
      net-scp (~> 1.1.0)
      net-ssh (= 2.9.2)
      net-ssh-gateway (~> 1.2.0)
      netaddr (~> 1.5.0)
      progressbar (~> 0.9.0)
      sshkey (~> 1.7.0)
      terminal-table (~> 1.4.3)
    bosh_common (1.3130.0)
      logging (~> 1.8.2)
      semi_semantic (~> 1.1.0)
    cf-uaa-lib (3.2.4)
      multi_json
    domain_name (0.5.25)
      unf (>= 0.0.5, < 1.0.0)
    erubis (2.7.0)
    git (1.2.9.1)
    hashdiff (0.2.3)
    highline (1.6.21)
    http-cookie (1.0.2)
      domain_name (~> 0.5)
    httpclient (2.4.0)
    hurley (0.2)
    json (1.8.3)
    json_pure (1.8.3)
    little-plugger (1.1.4)
    logging (1.8.2)
      little-plugger (>= 1.1.3)
      multi_json (>= 1.8.4)
    membrane (1.1.0)
    mime-types (2.6.2)
    mini_portile (0.6.2)
    minitar (0.5.4)
    multi_json (1.11.2)
    net-scp (1.1.2)
      net-ssh (>= 2.6.5)
    net-ssh (2.9.2)
    net-ssh-gateway (1.2.0)
      net-ssh (>= 2.6.5)
    netaddr (1.5.0)
    netrc (0.11.0)
    nokogiri (1.6.6.2)
      mini_portile (~> 0.6.0)
    progressbar (0.9.2)
    rest-client (1.8.0)
      http-cookie (>= 1.0.2, < 2.0)
      mime-types (>= 1.16, < 3.0)
      netrc (~> 0.7)
    rubygems_api (1.0.1)
      hurley (~> 0)
    rugged (0.23.3)
    semi_semantic (1.1.0)
    sshkey (1.7.0)
    terminal-table (1.4.5)
    unf (0.1.4)
      unf_ext
    unf_ext (0.0.7.1)
    yaml-lint (0.0.7)

PLATFORMS
  ruby

DEPENDENCIES
  bosh-share
  bosh-workspace!
  bosh_cli
  yaml-lint

BUNDLED WITH
   1.10.6
